GEM
  remote: https://rubygems.org/
  specs:
    erubis (2.7.0)
    excon (0.44.4)
    heroics (0.0.13)
      erubis (~> 2.7.0)
      excon
      moneta
      multi_json (>= 1.9.2)
      netrc
    moneta (0.8.0)
    multi_json (1.11.0)
    netrc (0.10.3)
    platform-api (0.2.0)
      heroics (~> 0.0.10)

PLATFORMS
  ruby

DEPENDENCIES
  platform-api
